GEM
  remote: https://rubygems.org/
  specs:
    activemodel (6.0.3.4)
      activesupport (= 6.0.3.4)
    activerecord (6.0.3.4)
      activemodel (= 6.0.3.4)
      activesupport (= 6.0.3.4)
    activesupport (6.0.3.4)
      concurrent-ruby (~> 1.0, >= 1.0.2)
      i18n (>= 0.7, < 2)
      minitest (~> 5.1)
      tzinfo (~> 1.1)
      zeitwerk (~> 2.2, >= 2.2.2)
    addressable (2.7.0)
      public_suffix (>= 2.0.2, < 5.0)
    ast (2.4.1)
    byebug (11.1.3)
    coderay (1.1.3)
    concurrent-ruby (1.1.7)
    connection_pool (2.2.3)
    database_cleaner (1.8.5)
    diff-lcs (1.4.4)
    docile (1.3.2)
    dotenv (2.7.6)
    erubis (2.7.0)
    ffi (1.13.1)
    ffi (1.13.1-x64-mingw32)
    foreman (0.87.2)
    i18n (1.8.5)
      concurrent-ruby (~> 1.0)
    kgio (2.11.3)
    listen (1.3.1)
      rb-fsevent (>= 0.9.3)
      rb-inotify (>= 0.9)
      rb-kqueue (>= 0.2)
    method_source (1.0.0)
    mini_portile2 (2.4.0)
    minitest (5.14.2)
    mr-sparkle (0.3.0)
      listen (~> 1.0)
      rb-fsevent (>= 0.9)
      rb-inotify (>= 0.8)
      unicorn (>= 4.5)
    nio4r (2.5.4)
    nokogiri (1.10.10)
      mini_portile2 (~> 2.4.0)
    nokogiri (1.10.10-x64-mingw32)
      mini_portile2 (~> 2.4.0)
    optic14n (2.0.1)
      addressable (~> 2.3)
    parallel (1.19.2)
    parser (2.7.2.0)
      ast (~> 2.4.1)
    pg (1.1.4)
    pg (1.1.4-x64-mingw32)
    pry (0.13.1)
      coderay (~> 1.1)
      method_source (~> 1.0)
    public_suffix (4.0.6)
    puma (5.0.4)
      nio4r (~> 2.0)
    rack (2.2.3)
    rack-test (1.1.0)
      rack (>= 1.0, < 3)
    rainbow (3.0.0)
    raindrops (0.19.1)
    rake (13.0.1)
    rb-fsevent (0.10.4)
    rb-inotify (0.10.1)
      ffi (~> 1.0)
    rb-kqueue (0.2.5)
      ffi (>= 0.5.0)
    redis (4.2.2)
    regexp_parser (1.8.2)
    rexml (3.2.4)
    rollbar (3.1.0)
    rspec (3.10.0)
      rspec-core (~> 3.10.0)
      rspec-expectations (~> 3.10.0)
      rspec-mocks (~> 3.10.0)
    rspec-core (3.10.0)
      rspec-support (~> 3.10.0)
    rspec-expectations (3.10.0)
      diff-lcs (>= 1.2.0, < 2.0)
      rspec-support (~> 3.10.0)
    rspec-mocks (3.10.0)
      diff-lcs (>= 1.2.0, < 2.0)
      rspec-support (~> 3.10.0)
    rspec-support (3.10.0)
    rubocop (0.87.1)
      parallel (~> 1.10)
      parser (>= 2.7.1.1)
      rainbow (>= 2.2.2, < 4.0)
      regexp_parser (>= 1.7)
      rexml
      rubocop-ast (>= 0.1.0, < 1.0)
      ruby-progressbar (~> 1.7)
      unicode-display_width (>= 1.4.0, < 2.0)
    rubocop-ast (0.8.0)
      parser (>= 2.7.1.5)
    rubocop-govuk (3.17.2)
      rubocop (= 0.87.1)
      rubocop-ast (= 0.8.0)
      rubocop-rails (= 2.8.1)
      rubocop-rake (= 0.5.1)
      rubocop-rspec (= 1.42.0)
    rubocop-rails (2.8.1)
      activesupport (>= 4.2.0)
      rack (>= 1.1)
      rubocop (>= 0.87.0)
    rubocop-rake (0.5.1)
      rubocop
    rubocop-rspec (1.42.0)
      rubocop (>= 0.87.0)
    ruby-progressbar (1.10.1)
    sidekiq (6.1.2)
      connection_pool (>= 2.2.2)
      rack (~> 2.0)
      redis (>= 4.2.0)
    simplecov (0.19.1)
      docile (~> 1.1)
      simplecov-html (~> 0.11)
    simplecov-html (0.12.3)
    thread_safe (0.3.6)
    tzinfo (1.2.7)
      thread_safe (~> 0.1)
    unicode-display_width (1.7.0)
    unicorn (5.7.0)
      kgio (~> 2.6)
      raindrops (~> 0.7)
    zeitwerk (2.4.1)

PLATFORMS
  ruby
  x64-mingw32

DEPENDENCIES
  activerecord (~> 6.0.3)
  byebug (~> 11.1.3)
  database_cleaner (= 1.8.5)
  dotenv
  erubis (= 2.7.0)
  foreman (~> 0.87.2)
  mr-sparkle (= 0.3.0)
  nokogiri (= 1.10.10)
  optic14n (= 2.0.1)
  pg (= 1.1.4)
  pry
  puma (~> 5.0.4)
  rack (~> 2.2.3)
  rack-test (= 1.1.0)
  rake (= 13.0.1)
  rollbar (~> 3.1)
  rspec
  rubocop-govuk
  sidekiq (~> 6.1.2)
  simplecov

BUNDLED WITH
   2.1.4
